GEM
  remote: https://rubygems.org/
  specs:
    facter (2.5.6)
    faraday (0.9.2)
      multipart-post (>= 1.2, < 3)
    faraday_middleware (0.10.0)
      faraday (>= 0.7.4, < 0.10)
    fast_gettext (1.1.2)
    hiera (3.6.0)
    json (1.8.3)
    librarian-puppet (2.2.3)
      librarianp (>= 0.6.3)
      puppet_forge (~> 2.1)
      rsync
    librarianp (0.6.3)
      thor (~> 0.15)
    locale (2.1.2)
    mini_portile2 (2.1.0)
    minitar (0.5.4)
    minitest (5.9.0)
    multi_json (1.14.1)
    multipart-post (2.0.0)
    nokogiri (1.6.8)
      mini_portile2 (~> 2.1.0)
      pkg-config (~> 1.1.7)
    pkg-config (1.1.7)
    puppet (5.5.17)
      facter (> 2.0.1, < 4)
      fast_gettext (~> 1.1.2)
      hiera (>= 3.2.1, < 4)
      locale (~> 2.1)
      multi_json (~> 1.10)
    puppet_forge (2.2.1)
      faraday (~> 0.9.0)
      faraday_middleware (>= 0.9.0, < 0.11.0)
      minitar
      semantic_puppet (~> 0.1.0)
    rake (11.1.2)
    rdoc (4.2.2)
      json (~> 1.4)
    rsync (1.0.9)
    semantic_puppet (0.1.3)
    spidr (0.6.1)
      nokogiri (~> 1.3)
    thor (0.19.1)
    wordlist (0.1.1)
      spidr (~> 0.2)
    yard (0.8.7.6)

PLATFORMS
  ruby

DEPENDENCIES
  librarian-puppet
  minitest
  nokogiri
  puppet (>= 4.10.1)
  rake
  rdoc
  wordlist
  yard

BUNDLED WITH
   1.17.3
