GEM
  remote: https://rubygems.org/
  specs:
    CFPropertyList (2.2.8)
    facter (2.4.6)
      CFPropertyList (~> 2.2.6)
    faraday (0.9.2)
      multipart-post (>= 1.2, < 3)
    faraday_middleware (0.10.0)
      faraday (>= 0.7.4, < 0.10)
    hiera (3.2.0)
      json_pure
    json (1.8.3)
    json_pure (1.8.3)
    librarian-puppet (2.2.3)
      librarianp (>= 0.6.3)
      puppet_forge (~> 2.1)
      rsync
    librarianp (0.6.3)
      thor (~> 0.15)
    mini_portile2 (2.5.1)
    minitar (0.5.4)
    minitest (5.9.0)
    multipart-post (2.0.0)
    nokogiri (1.11.4)
      mini_portile2 (~> 2.5.0)
      racc (~> 1.4)
    puppet (4.5.1)
      CFPropertyList (~> 2.2.6)
      facter (> 2.0, < 4)
      hiera (>= 2.0, < 4)
      json_pure
    puppet_forge (2.2.1)
      faraday (~> 0.9.0)
      faraday_middleware (>= 0.9.0, < 0.11.0)
      minitar
      semantic_puppet (~> 0.1.0)
    racc (1.5.2)
    rake (11.1.2)
    rdoc (4.2.2)
      json (~> 1.4)
    rsync (1.0.9)
    semantic_puppet (0.1.3)
    spidr (0.6.1)
      nokogiri (~> 1.3)
    thor (0.19.1)
    wordlist (0.1.1)
      spidr (~> 0.2)
    yard (0.8.7.6)

PLATFORMS
  ruby

DEPENDENCIES
  librarian-puppet
  minitest
  nokogiri (>= 1.11.4)
  puppet
  rake
  rdoc
  wordlist
  yard

BUNDLED WITH
   1.17.3
